PATH
  remote: .
  specs:
    geckoboard-push (0.1.0)
      httparty (~> 0.8.1)

GEM
  remote: http://rubygems.org/
  specs:
    fakeweb (1.3.0)
    httparty (0.8.1)
      multi_json
      multi_xml
    json (1.7.3)
    metaclass (0.0.1)
    mocha (0.10.0)
      metaclass (~> 0.0.1)
    multi_json (1.0.4)
    multi_xml (0.4.1)
    rake (0.9.2.2)
    rdoc (3.12)
      json (~> 1.4)

PLATFORMS
  ruby

DEPENDENCIES
  fakeweb (~> 1.3.0)
  geckoboard-push!
  mocha (~> 0.10.0)
  rake
  rdoc
