PATH
  remote: .
  specs:
    geckoboard-push (0.1.0)
      httparty (~> 0.8.1)

GEM
  remote: http://rubygems.org/
  specs:
    fakeweb (1.3.0)
    httparty (0.8.3)
      multi_json (~> 1.0)
      multi_xml
    json (1.8.2)
    metaclass (0.0.4)
    mocha (0.10.5)
      metaclass (~> 0.0.1)
    multi_json (1.10.1)
    multi_xml (0.5.5)
    rake (10.4.2)
    rdoc (4.2.0)
      json (~> 1.4)

PLATFORMS
  ruby

DEPENDENCIES
  fakeweb (~> 1.3.0)
  geckoboard-push!
  mocha (~> 0.10.0)
  rake
  rdoc
