PATH
  remote: .
  specs:
    geckoboard-push (0.1.0)
      httparty

GEM
  remote: http://rubygems.org/
  specs:
    fakeweb (1.3.0)
    httparty (0.13.0)
      json (~> 1.8)
      multi_xml (>= 0.5.2)
    json (1.8.1)
    metaclass (0.0.4)
    mocha (0.10.0)
      metaclass (~> 0.0.1)
    multi_xml (0.5.5)
    rake (10.1.1)
    rdoc (4.1.1)
      json (~> 1.4)

PLATFORMS
  ruby

DEPENDENCIES
  fakeweb
  geckoboard-push!
  mocha (~> 0.10.0)
  rake
  rdoc
